GEM
  remote: https://rubygems.org/
  specs:
    ast (2.3.0)
    backports (3.6.8)
    erubis (2.7.0)
    mail (2.6.4)
      mime-types (>= 1.16, < 4)
    mime-types (3.1)
      mime-types-data (~> 3.2015)
    mime-types-data (3.2016.0521)
    multi_json (1.12.1)
    parser (2.4.0.0)
      ast (~> 2.2)
    pony (1.11)
      mail (>= 2.0)
    powerpack (0.1.1)
    puma (3.7.0)
    rack (1.6.5)
    rack-protection (1.5.3)
      rack
    rack-test (0.6.3)
      rack (>= 1.0)
    rainbow (2.2.1)
    rubocop (0.47.1)
      parser (>= 2.3.3.1, < 3.0)
      powerpack (~> 0.1)
      rainbow (>= 1.99.1, < 3.0)
      ruby-progressbar (~> 1.7)
      unicode-display_width (~> 1.0, >= 1.0.1)
    ruby-progressbar (1.8.1)
    sinatra (1.4.8)
      rack (~> 1.5)
      rack-protection (~> 1.4)
      tilt (>= 1.3, < 3)
    sinatra-contrib (1.4.7)
      backports (>= 2.0)
      multi_json
      rack-protection
      rack-test
      sinatra (~> 1.4.0)
      tilt (>= 1.3, < 3)
    tilt (2.0.6)
    unicode-display_width (1.1.3)

PLATFORMS
  ruby

DEPENDENCIES
  erubis
  pony
  puma
  rubocop (~> 0.47.1)
  sinatra (~> 1.4.7)
  sinatra-contrib

RUBY VERSION
   ruby 2.3.0p0

BUNDLED WITH
   1.13.6
